PATH
  remote: .
  specs:
    quayio-scanner (0.4.0)
      docker-api (~> 1.33)
      rest-client (~> 2.1)
      sensu-plugin (~> 4.0)

GEM
  remote: https://rubygems.org/
  specs:
    ast (2.4.2)
    diff-lcs (1.5.1)
    docker-api (1.34.2)
      excon (>= 0.47.0)
      multi_json
    domain_name (0.6.20240107)
    excon (1.2.3)
    http-accept (1.7.0)
    http-cookie (1.0.8)
      domain_name (~> 0.5)
    json (2.9.1)
    logger (1.6.5)
    mime-types (3.6.0)
      logger
      mime-types-data (~> 3.2015)
    mime-types-data (3.2025.0204)
    mixlib-cli (1.7.0)
    multi_json (1.15.0)
    netrc (0.11.0)
    parallel (1.26.3)
    parser (3.3.7.1)
      ast (~> 2.4.1)
      racc
    racc (1.8.1)
    rainbow (3.1.1)
    rake (13.2.1)
    regexp_parser (2.10.0)
    rest-client (2.1.0)
      http-accept (>= 1.7.0, < 2.0)
      http-cookie (>= 1.0.2, < 2.0)
      mime-types (>= 1.16, < 4.0)
      netrc (~> 0.8)
    rexml (3.4.0)
    rspec (3.13.0)
      rspec-core (~> 3.13.0)
      rspec-expectations (~> 3.13.0)
      rspec-mocks (~> 3.13.0)
    rspec-core (3.13.3)
      rspec-support (~> 3.13.0)
    rspec-expectations (3.13.3)
      diff-lcs (>= 1.2.0, < 2.0)
      rspec-support (~> 3.13.0)
    rspec-mocks (3.13.2)
      diff-lcs (>= 1.2.0, < 2.0)
      rspec-support (~> 3.13.0)
    rspec-support (3.13.2)
    rubocop (0.93.1)
      parallel (~> 1.10)
      parser (>= 2.7.1.5)
      rainbow (>= 2.2.2, < 4.0)
      regexp_parser (>= 1.8)
      rexml
      rubocop-ast (>= 0.6.0)
      ruby-progressbar (~> 1.7)
      unicode-display_width (>= 1.4.0, < 2.0)
    rubocop-ast (1.38.0)
      parser (>= 3.3.1.0)
    ruby-progressbar (1.13.0)
    sensu-plugin (4.0.0)
      json (< 3.0.0)
      mixlib-cli (~> 1.5)
    unicode-display_width (1.8.0)

PLATFORMS
  ruby

DEPENDENCIES
  bundler (~> 2.1)
  quayio-scanner!
  rake (~> 13.0)
  rspec (~> 3.7)
  rubocop (~> 0.93)

BUNDLED WITH
   2.1.4
